GIT
  remote: git@github.com:middleman/middleman.git
  revision: 9e8a16cd6dfd4ae1d781d3c63876a87d791ed92e
  specs:
    middleman (3.2.0)
      coffee-script (~> 2.2.0)
      compass (>= 0.12.2)
      execjs (~> 1.4.0)
      haml (>= 3.1.6)
      kramdown (~> 1.2)
      middleman-core (= 3.2.0)
      middleman-sprockets (>= 3.1.2)
      sass (>= 3.1.20)
      uglifier (~> 2.1.0)
    middleman-core (3.2.0)
      activesupport (~> 3.2.6)
      bundler (~> 1.1)
      i18n (~> 0.6.1)
      listen (~> 1.1)
      rack (>= 1.4.5)
      rack-test (~> 0.6.1)
      thor (>= 0.15.2, < 2.0)
      tilt (~> 1.4.1)

GIT
  remote: git@github.com:padrino/padrino-framework.git
  revision: 67f03e391e7dc71ded033e3e8e208b9c9343dad2
  specs:
    padrino (0.12.0.rc)
      padrino-admin (= 0.12.0.rc)
      padrino-cache (= 0.12.0.rc)
      padrino-core (= 0.12.0.rc)
      padrino-gen (= 0.12.0.rc)
      padrino-helpers (= 0.12.0.rc)
      padrino-mailer (= 0.12.0.rc)
    padrino-admin (0.12.0.rc)
      padrino-core (= 0.12.0.rc)
      padrino-helpers (= 0.12.0.rc)
    padrino-cache (0.12.0.rc)
      moneta (~> 0.7.0)
      padrino-core (= 0.12.0.rc)
      padrino-helpers (= 0.12.0.rc)
    padrino-core (0.12.0.rc)
      activesupport (>= 3.1)
      http_router (~> 0.11.0)
      rack-protection (>= 1.5.0)
      sinatra (~> 1.4.2)
      thor (~> 0.17.0)
      tilt (~> 1.4.1)
    padrino-gen (0.12.0.rc)
      bundler (~> 1.0)
      padrino-core (= 0.12.0.rc)
    padrino-helpers (0.12.0.rc)
      i18n (~> 0.6)
      padrino-core (= 0.12.0.rc)
    padrino-mailer (0.12.0.rc)
      mail (~> 2.5.3)
      padrino-core (= 0.12.0.rc)

GEM
  remote: http://rubygems.org/
  specs:
    activesupport (3.2.15)
      i18n (~> 0.6, >= 0.6.4)
      multi_json (~> 1.0)
    chunky_png (1.2.9)
    coffee-script (2.2.0)
      coffee-script-source
      execjs
    coffee-script-source (1.6.3)
    compass (0.12.2)
      chunky_png (~> 1.2)
      fssm (>= 0.2.7)
      sass (~> 3.1)
    execjs (1.4.0)
      multi_json (~> 1.0)
    ffi (1.9.3-x86-mingw32)
    fssm (0.2.10)
    haml (4.0.4)
      tilt
    hike (1.2.3)
    http_router (0.11.0)
      rack (>= 1.0.0)
      url_mount (~> 0.2.1)
    i18n (0.6.5)
    kramdown (1.2.0)
    listen (1.3.1)
      rb-fsevent (>= 0.9.3)
      rb-inotify (>= 0.9)
      rb-kqueue (>= 0.2)
    mail (2.5.4)
      mime-types (~> 1.16)
      treetop (~> 1.4.8)
    middleman-sprockets (3.2.0)
      middleman-core (~> 3.2)
      sprockets (~> 2.1)
      sprockets-helpers (~> 1.0.0)
      sprockets-sass (~> 1.0.0)
    mime-types (1.25.1)
    moneta (0.7.20)
    multi_json (1.8.2)
    polyglot (0.3.3)
    rack (1.5.2)
    rack-protection (1.5.1)
      rack
    rack-test (0.6.2)
      rack (>= 1.0)
    rb-fsevent (0.9.3)
    rb-inotify (0.9.2)
      ffi (>= 0.5.0)
    rb-kqueue (0.2.0)
      ffi (>= 0.5.0)
    sass (3.2.12)
    sinatra (1.4.4)
      rack (~> 1.4)
      rack-protection (~> 1.4)
      tilt (~> 1.3, >= 1.3.4)
    sprockets (2.10.1)
      hike (~> 1.2)
      multi_json (~> 1.0)
      rack (~> 1.0)
      tilt (~> 1.1, != 1.3.0)
    sprockets-helpers (1.0.1)
      sprockets (~> 2.0)
    sprockets-sass (1.0.2)
      sprockets (~> 2.0)
      tilt (~> 1.1)
    thor (0.17.0)
    tilt (1.4.1)
    treetop (1.4.15)
      polyglot
      polyglot (>= 0.3.1)
    uglifier (2.1.2)
      execjs (>= 0.3.0)
      multi_json (~> 1.0, >= 1.0.2)
    url_mount (0.2.1)
      rack
    wdm (0.1.0)

PLATFORMS
  x86-mingw32

DEPENDENCIES
  middleman!
  padrino!
  wdm (~> 0.1.0)
